GEM
  remote: https://rubygems.org/
  specs:
    minitest (5.10.1)
    minitest-hooks (1.4.0)
    minitest-rg (5.2.0)
      minitest (~> 5.0)
    rack (1.6.5)
    rack-protection (1.5.3)
      rack
    rake (12.0.0)
    rugged (0.25.1.1)
    sinatra (1.4.8)
      rack (~> 1.5)
      rack-protection (~> 1.4)
      tilt (>= 1.3, < 3)
    tilt (2.0.6)

PLATFORMS
  ruby

DEPENDENCIES
  minitest
  minitest-hooks
  minitest-rg
  rake
  rugged
  sinatra

BUNDLED WITH
   1.14.5
